GEM
  remote: http://rubygems.org/
  specs:
    BlueCloth (1.0.1)
    albino (1.3.3)
      posix-spawn (>= 0.3.6)
    diff-lcs (1.1.2)
    git (1.2.5)
    jeweler (1.5.2)
      bundler (~> 1.0.0)
      git (>= 1.2.5)
      rake
    json (1.5.0)
    maruku (0.6.0)
      syntax (>= 1.0.0)
    mustache (0.99.3)
    oyster (0.9.4)
    pdoc (0.2.0)
      BlueCloth (> 0.0.0)
      oyster (> 0.0.0)
      treetop (> 0.0.0)
    polyglot (0.3.1)
    posix-spawn (0.3.6)
    rack (1.2.2)
    rake (0.8.7)
    rcov (0.9.9)
    rspec (2.3.0)
      rspec-core (~> 2.3.0)
      rspec-expectations (~> 2.3.0)
      rspec-mocks (~> 2.3.0)
    rspec-core (2.3.1)
    rspec-expectations (2.3.0)
      diff-lcs (~> 1.1.2)
    rspec-mocks (2.3.0)
    sinatra (1.1.0)
      rack (~> 1.1)
      tilt (~> 1.1)
    syntax (1.0.0)
    tilt (1.2.2)
    treetop (1.4.9)
      polyglot (>= 0.3.1)
    yard (0.6.8)

PLATFORMS
  ruby

DEPENDENCIES
  albino (~> 1.3.3)
  bundler (~> 1.0.0)
  jeweler (~> 1.5.2)
  json (~> 1.5.0)
  maruku
  mustache (~> 0.99.3)
  pdoc (~> 0.2.0)
  rcov
  rspec (~> 2.3.0)
  sinatra (~> 1.1.0)
  yard (~> 0.6.0)
